PATH
  remote: .
  specs:
    reso_web_api (0.1.0)
      dry-initializer (~> 1.4.1)
      faraday (~> 0.15.0)
      odata4 (~> 0.9.1)

GEM
  remote: https://rubygems.org/
  specs:
    andand (1.3.3)
    diff-lcs (1.3)
    dry-initializer (1.4.1)
    faraday (0.15.0)
      multipart-post (>= 1.2, < 3)
    mini_portile2 (2.3.0)
    multipart-post (2.0.0)
    nokogiri (1.8.2)
      mini_portile2 (~> 2.3.0)
    odata4 (0.9.1)
      andand (~> 1.3)
      faraday (~> 0.15)
      nokogiri (~> 1.8)
    rake (10.5.0)
    rspec (3.7.0)
      rspec-core (~> 3.7.0)
      rspec-expectations (~> 3.7.0)
      rspec-mocks (~> 3.7.0)
    rspec-core (3.7.1)
      rspec-support (~> 3.7.0)
    rspec-expectations (3.7.0)
      diff-lcs (>= 1.2.0, < 2.0)
      rspec-support (~> 3.7.0)
    rspec-mocks (3.7.0)
      diff-lcs (>= 1.2.0, < 2.0)
      rspec-support (~> 3.7.0)
    rspec-support (3.7.1)

PLATFORMS
  ruby

DEPENDENCIES
  bundler (~> 1.16)
  rake (~> 10.0)
  reso_web_api!
  rspec (~> 3.0)

BUNDLED WITH
   1.16.1
